GEM
  remote: https://rubygems.org/
  specs:
    dish (0.0.6)
    httparty (0.14.0)
      multi_xml (>= 0.5.2)
    multi_xml (0.6.0)

PLATFORMS
  ruby

DEPENDENCIES
  dish
  httparty (~> 0.14.0)

BUNDLED WITH
   1.14.6
